GEM
  remote: https://rubygems.org/
  specs:
    asciidoctor (1.5.4)
    haml (4.0.7)
      tilt
    thread_safe (0.3.5)
    tilt (2.0.5)

PLATFORMS
  ruby

DEPENDENCIES
  asciidoctor
  haml
  thread_safe
  tilt

BUNDLED WITH
   1.12.5
